GEM
  remote: https://rubygems.org/
  specs:
    byebug (9.0.6)
    minitest (5.11.3)
    ruby2d (0.8.1)

PLATFORMS
  ruby

DEPENDENCIES
  byebug
  minitest
  ruby2d (~> 0.5)

BUNDLED WITH
   1.16.4
